GEM
  remote: http://rubygems.org/
  specs:
    awesome_print (1.2.0)
    ethon (0.6.3)
      ffi (>= 1.3.0)
      mime-types (~> 1.18)
    ffi (1.9.3)
    frappuccino (0.2.0)
    mime-types (1.25.1)
    typhoeus (0.6.7)
      ethon (~> 0.6.2)

PLATFORMS
  ruby

DEPENDENCIES
  awesome_print (~> 1.2.0)
  frappuccino (~> 0.2.0)
  typhoeus (~> 0.6.7)
